GIT
  remote: git://github.com/TheBigBrainsCompany/capistrano-symfony.git
  revision: 84dee10d67b3db37e9e10149069ecff541936eb7
  specs:
    capistrano-symfony (0.3.0)
      capistrano (~> 3.1)
      capistrano-composer (~> 0.0.4)

GIT
  remote: git://github.com/capistrano/capistrano.git
  revision: fd08a918beb76a6529149f4df19402006f3842ea
  branch: master
  specs:
    capistrano (3.5.0)
      airbrussh (>= 1.0.0)
      capistrano-harrow
      i18n
      rake (>= 10.0.0)
      sshkit (>= 1.9.0)

GEM
  remote: https://rubygems.org/
  specs:
    airbrussh (1.0.2)
      sshkit (>= 1.6.1, != 1.7.0)
    capistrano-composer (0.0.6)
      capistrano (>= 3.0.0.pre)
    capistrano-harrow (0.5.2)
    i18n (0.7.0)
    net-scp (1.2.1)
      net-ssh (>= 2.6.5)
    net-ssh (3.2.0)
    rake (11.2.2)
    sshkit (1.11.1)
      net-scp (>= 1.1.2)
      net-ssh (>= 2.8.0)

PLATFORMS
  ruby

DEPENDENCIES
  capistrano!
  capistrano-composer
  capistrano-symfony!

BUNDLED WITH
   1.12.5
